GEM
  remote: https://rubygems.org/
  specs:
    rack (3.1.16)

PLATFORMS
  arm64-darwin-23
  ruby

DEPENDENCIES
  rack

BUNDLED WITH
   2.6.9
